GEM
  remote: https://rubygems.org/
  specs:
    codeship (0.1.3)
      json
    dotenv (2.1.0)
    json (1.8.3)

PLATFORMS
  ruby

DEPENDENCIES
  codeship
  dotenv

BUNDLED WITH
   1.11.2
