GEM
  remote: https://rubygems.org/
  specs:
    concurrent-ruby (1.0.4)
    hike (1.2.3)
    opal (0.10.3)
      hike (~> 1.2)
      sourcemap (~> 0.1.0)
      sprockets (~> 3.1)
      tilt (>= 1.4)
    rack (2.0.1)
    rake (12.0.0)
    rubyzip (1.2.0)
    sourcemap (0.1.1)
    sprockets (3.7.1)
      concurrent-ruby (~> 1.0)
      rack (> 1, < 3)
    tilt (2.0.6)

PLATFORMS
  ruby

DEPENDENCIES
  opal
  rake
  rubyzip

BUNDLED WITH
   1.13.7
