GIT
  remote: https://github.com/alyssais/rjgit.git
  revision: 79fd13e9c41684ad8b17a6d359972fc1a1641446
  specs:
    rjgit (4.5.0.0)
      mime-types (~> 1.15)

GEM
  remote: https://rubygems.org/
  specs:
    addressable (2.5.0)
      public_suffix (~> 2.0, >= 2.0.2)
    aws-sdk (2.7.3)
      aws-sdk-resources (= 2.7.3)
    aws-sdk-core (2.7.3)
      aws-sigv4 (~> 1.0)
      jmespath (~> 1.0)
    aws-sdk-resources (2.7.3)
      aws-sdk-core (= 2.7.3)
    aws-sigv4 (1.0.0)
    dotenv (2.2.0)
    faraday (0.11.0)
      multipart-post (>= 1.2, < 3)
    jmespath (1.3.1)
    koala (2.4.0)
      addressable
      faraday
      multi_json (>= 1.3.0)
    mime-types (1.25.1)
    multi_json (1.12.1)
    multipart-post (2.0.0)
    public_suffix (2.0.5)
    rake (12.0.0)
    rubyzip (1.2.1)

PLATFORMS
  java
  ruby

DEPENDENCIES
  aws-sdk
  aws-sdk-core
  dotenv
  koala
  rake
  rjgit!
  rubyzip (>= 1.2.1)

BUNDLED WITH
   1.16.1
